GEM
  remote: http://rubygems.org/
  specs:
    activesupport (3.0.7)
    aspectr (0.3.7)
    bluepill (0.0.49)
      activesupport (>= 3.0.0)
      daemons (~> 1.1.0)
      i18n (>= 0.5.0)
      state_machine (~> 0.9.4)
    daemons (1.1.3)
    htree (0.7.0)
    i18n (0.5.0)
    ruby-gd (0.8.0)
    rubyzip (0.9.4)
    state_machine (0.9.4)

PLATFORMS
  ruby

DEPENDENCIES
  aspectr
  bluepill
  htree
  i18n
  ruby-gd
  rubyzip
